ObjectType = Image
NDims = 3
BinaryData = True
BinaryDataByteOrderMSB = False
CompressedData = False
TransformMatrix = 1 0 0 0 1 0 0 0 1
Offset = -90 -90 -90
CenterOfRotation = 0 0 0
AnatomicalOrientation = RAI
ElementSpacing = 20 20 20
DimSize = 10 10 10
ElementType = MET_FLOAT
ElementDataFile = 10x10x10.raw
