ObjectType = Image
NDims = 3
BinaryData = True
BinaryDataByteOrderMSB = False
CompressedData = False
TransformMatrix = 1 0 0 0 1 0 0 0 1
Offset = -100 -100 -100
CenterOfRotation = 0 0 0
AnatomicalOrientation = RAI
ElementSpacing = 20 20 20
DimSize = 11 11 11
ElementType = MET_FLOAT
ElementDataFile = 11x11x11.raw
